GEM
  remote: https://rubygems.org/
  specs:
    RedCloth (4.2.9)
    albino (1.3.3)
      posix-spawn (>= 0.3.6)
    aws-sdk (1.8.5)
      json (~> 1.4)
      nokogiri (>= 1.4.4)
      uuidtools (~> 2.1)
    classifier (1.3.3)
      fast-stemmer (>= 1.0.0)
    colored (1.2)
    configure-s3-website (1.1.1)
    daemons (1.1.9)
    directory_watcher (1.4.1)
    erubis (2.7.0)
    eventmachine (1.2.7)
    fast-stemmer (1.0.1)
    filey-diff (1.1.0)
    jekyll (0.11.2)
      albino (~> 1.3)
      classifier (~> 1.3)
      directory_watcher (~> 1.1)
      kramdown (~> 0.13)
      liquid (~> 2.3)
      maruku (~> 0.5)
    jekyll-s3 (2.4.2)
      aws-sdk (~> 1.8.5)
      configure-s3-website (~> 1.1)
      erubis (~> 2.7.0)
      filey-diff (~> 1.1)
      mime-types (= 1.19)
      simple-cloudfront-invalidator (~> 1.0)
    json (1.8.6)
    kramdown (0.14.1)
    liquid (2.4.1)
    maruku (0.6.1)
      syntax (>= 1.0.0)
    mime-types (1.19)
    mini_portile2 (2.8.0)
    nokogiri (1.13.6)
      mini_portile2 (~> 2.8.0)
      racc (~> 1.4)
    posix-spawn (0.3.6)
    racc (1.6.0)
    rack (1.4.1)
    rack-jekyll (0.3.5)
      jekyll
      rack
    redcarpet (2.2.2)
    simple-cloudfront-invalidator (1.0.0)
      colored (= 1.2)
    syntax (1.0.0)
    thin (1.5.0)
      daemons (>= 1.0.9)
      eventmachine (>= 0.12.6)
      rack (>= 1.0.0)
    uuidtools (2.1.3)

PLATFORMS
  ruby

DEPENDENCIES
  RedCloth
  jekyll
  jekyll-s3
  rack-jekyll
  redcarpet
  thin

BUNDLED WITH
   2.1.3
